{
    "AcquisitionNumber": 1,
    "AcquisitionTime": "09:32:07.770000",
    "BrainVoyagerInfo": {
        "AcquisitionTime": "093207.770000",
        "CalculatedDicomSlice1CenterX": -3.964003562927246,
        "CalculatedDicomSlice1CenterY": -38.35414123535156,
        "CalculatedDicomSlice1CenterZ": -84.68531036376953,
        "CalculatedDicomSliceNCenterX": 1.1439112424850464,
        "CalculatedDicomSliceNCenterY": 12.077911376953125,
        "CalculatedDicomSliceNCenterZ": 32.305152893066406,
        "CoordinateSystem": 1,
        "DataStorageFormat": 2,
        "DataType": 2,
        "DicomColDirX": 0,
        "DicomColDirY": 0.9183094501495361,
        "DicomColDirZ": -0.39586329460144043,
        "DicomFoVCols": 210,
        "DicomFoVRows": 210,
        "DicomGapThickness": 0,
        "DicomNCols": 84,
        "DicomNRows": 84,
        "DicomPosInfoPresent": 1,
        "DicomRowDirX": 0.9991971850395203,
        "DicomRowDirY": -0.01585911214351654,
        "DicomRowDirZ": -0.03678937628865242,
        "DicomSliceThickness": 2.5,
        "DocumentType": "FMR",
        "MultiBandSequence": true,
        "NrOfPastSpatialTransformations": 0,
        "NrOfPreprocessingSteps": 0,
        "NrOfSkippedVolumes": 0,
        "Protocol": {
            "Conditions": [
                {
                    "ColorB": 255,
                    "ColorG": 0,
                    "ColorR": 255,
                    "IntervalsFrom": [
                        1,
                        33,
                        65,
                        97,
                        129,
                        161,
                        193,
                        225,
                        257,
                        289,
                        321
                    ],
                    "IntervalsTo": [
                        16,
                        48,
                        80,
                        112,
                        144,
                        176,
                        208,
                        240,
                        272,
                        304,
                        336
                    ],
                    "Name": "Face",
                    "NrOfIntervals": 11
                },
                {
                    "ColorB": 0,
                    "ColorG": 168,
                    "ColorR": 0,
                    "IntervalsFrom": [
                        17,
                        49,
                        81,
                        113,
                        145,
                        177,
                        209,
                        241,
                        273,
                        305
                    ],
                    "IntervalsTo": [
                        32,
                        64,
                        96,
                        128,
                        160,
                        192,
                        224,
                        256,
                        288,
                        320
                    ],
                    "Name": "Hand",
                    "NrOfIntervals": 10
                }
            ],
            "FileName": "sub-20_ses-01_VAR2_run-2.prt",
            "Name": "newbi4fmri_VAR2_Baselines-and-Slow-Event-Related",
            "NrOfConditions": 2,
            "TimeCourseColors": {
                "RefTCPenThick": 3,
                "RefTimeCourseB": 80,
                "RefTimeCourseG": 0,
                "RefTimeCourseR": 0,
                "TCBackColorB": 0,
                "TCBackColorG": 0,
                "TCBackColorR": 0,
                "TCPenThick": 3,
                "TCTextColorB": 255,
                "TCTextColorG": 255,
                "TCTextColorR": 255,
                "TimeCourseB": 255,
                "TimeCourseG": 255,
                "TimeCourseR": 255
            },
            "TimeResolution": "Volumes"
        },
        "SliceAcquisitionOrder": 5,
        "SliceAcquisitionOrderVerified": true,
        "SliceGap": 0,
        "SliceThickness": 2.5,
        "SliceTimingTable": [
            0,
            0.5275,
            0.075,
            0.605,
            0.1525,
            0.68,
            0.2275,
            0.755,
            0.3025,
            0.83,
            0.3775,
            0.905,
            0.4525,
            0,
            0.5275,
            0.075,
            0.605,
            0.1525,
            0.68,
            0.2275,
            0.755,
            0.3025,
            0.83,
            0.3775,
            0.905,
            0.4525,
            0,
            0.5275,
            0.075,
            0.605,
            0.1525,
            0.68,
            0.2275,
            0.755,
            0.3025,
            0.83,
            0.3775,
            0.905,
            0.4525,
            0,
            0.5275,
            0.075,
            0.605,
            0.1525,
            0.68,
            0.2275,
            0.755,
            0.3025,
            0.83,
            0.3775,
            0.905,
            0.4525
        ],
        "SliceTimingTableSize": 52,
        "TE": 0.028,
        "TR": 1,
        "TimeResolutionVerified": true,
        "Version": 1,
        "VoxelResolutionVerified": true
    },
    "ConversionSoftware": "BrainVoyager",
    "ConversionSoftwareVersion": "21.4.5.4030",
    "ImageNumber": 1,
    "ImageOrientationPatientDICOM": [
        0.99919719288496,
        -0.0158591115268,
        -0.0367893777116,
        8.108835e-09,
        0.91830945658144,
        -0.3958632869478
    ],
    "ImagePositionPatientDICOM": [
        -842.04062705287,
        -795.28436787937,
        278.20212594817
    ],
    "ImageType": "ORIGINAL PRIMARY M MB ND NORM MOSAIC",
    "MagneticFieldStrength": 3,
    "Manufacturer": "SIEMENS",
    "ManufacturersModelName": "Prisma_fit",
    "Modality": "MR",
    "NrOfTemporalPositions": 0,
    "PatientPosition": "HFS",
    "RepetitionTime": 1,
    "SeriesDescription": "ep_mb4_336",
    "SeriesNumber": 4,
    "SiemensMosaicSliceAcqOrder": 3,
    "SiemensMosaicTE": 0.028,
    "SiemensMosaicTR": 1,
    "SliceThickness": 2.5,
    "SliceTiming": [
        0,
        0.5275,
        0.075,
        0.605,
        0.1525,
        0.68,
        0.2275,
        0.755,
        0.3025,
        0.83,
        0.3775,
        0.905,
        0.4525,
        0,
        0.5275,
        0.075,
        0.605,
        0.1525,
        0.68,
        0.2275,
        0.755,
        0.3025,
        0.83,
        0.3775,
        0.905,
        0.4525,
        0,
        0.5275,
        0.075,
        0.605,
        0.1525,
        0.68,
        0.2275,
        0.755,
        0.3025,
        0.83,
        0.3775,
        0.905,
        0.4525,
        0,
        0.5275,
        0.075,
        0.605,
        0.1525,
        0.68,
        0.2275,
        0.755,
        0.3025,
        0.83,
        0.3775,
        0.905,
        0.4525
    ],
    "StudyDescription": "newbi4fmri_VAR2_Baselines-and-Slow-Event-Related",
    "TaskName": "newbi4fmri_VAR2_Baselines-and-Slow-Event-Related"
}
