{
    "AcquisitionNumber": 1,
    "AcquisitionTime": "09:44:03.532500",
    "BrainVoyagerInfo": {
        "AcquisitionTime": "094403.532500",
        "CalculatedDicomSlice1CenterX": -3.964003562927246,
        "CalculatedDicomSlice1CenterY": -38.35414123535156,
        "CalculatedDicomSlice1CenterZ": -84.68531036376953,
        "CalculatedDicomSliceNCenterX": 1.1439112424850464,
        "CalculatedDicomSliceNCenterY": 12.077911376953125,
        "CalculatedDicomSliceNCenterZ": 32.305152893066406,
        "CoordinateSystem": 1,
        "DataStorageFormat": 2,
        "DataType": 2,
        "DicomColDirX": 0,
        "DicomColDirY": 0.9183094501495361,
        "DicomColDirZ": -0.39586329460144043,
        "DicomFoVCols": 210,
        "DicomFoVRows": 210,
        "DicomGapThickness": 0,
        "DicomNCols": 84,
        "DicomNRows": 84,
        "DicomPosInfoPresent": 1,
        "DicomRowDirX": 0.9991971850395203,
        "DicomRowDirY": -0.01585911214351654,
        "DicomRowDirZ": -0.03678937628865242,
        "DicomSliceThickness": 2.5,
        "DocumentType": "FMR",
        "MultiBandSequence": true,
        "NrOfPastSpatialTransformations": 0,
        "NrOfPreprocessingSteps": 0,
        "NrOfSkippedVolumes": 0,
        "Protocol": {
            "Conditions": [
                {
                    "ColorB": 255,
                    "ColorG": 0,
                    "ColorR": 255,
                    "IntervalsFrom": [
                        25,
                        33,
                        41,
                        49,
                        57,
                        65,
                        73,
                        81,
                        89,
                        97,
                        105,
                        113,
                        121,
                        129,
                        137,
                        145,
                        153,
                        161,
                        169,
                        177,
                        185,
                        193,
                        201,
                        209,
                        217,
                        225,
                        233,
                        241,
                        249,
                        257,
                        265,
                        273,
                        281,
                        289,
                        297,
                        305
                    ],
                    "IntervalsTo": [
                        28,
                        36,
                        44,
                        52,
                        60,
                        68,
                        76,
                        84,
                        92,
                        100,
                        108,
                        116,
                        124,
                        132,
                        140,
                        148,
                        156,
                        164,
                        172,
                        180,
                        188,
                        196,
                        204,
                        212,
                        220,
                        228,
                        236,
                        244,
                        252,
                        260,
                        268,
                        276,
                        284,
                        292,
                        300,
                        308
                    ],
                    "Name": "Face",
                    "NrOfIntervals": 36
                },
                {
                    "ColorB": 0,
                    "ColorG": 168,
                    "ColorR": 0,
                    "IntervalsFrom": [
                        1,
                        29,
                        37,
                        45,
                        53,
                        61,
                        69,
                        77,
                        85,
                        93,
                        101,
                        109,
                        117,
                        125,
                        133,
                        141,
                        149,
                        157,
                        165,
                        173,
                        181,
                        189,
                        197,
                        205,
                        213,
                        221,
                        229,
                        237,
                        245,
                        253,
                        261,
                        269,
                        277,
                        285,
                        293,
                        301,
                        309
                    ],
                    "IntervalsTo": [
                        24,
                        32,
                        40,
                        48,
                        56,
                        64,
                        72,
                        80,
                        88,
                        96,
                        104,
                        112,
                        120,
                        128,
                        136,
                        144,
                        152,
                        160,
                        168,
                        176,
                        184,
                        192,
                        200,
                        208,
                        216,
                        224,
                        232,
                        240,
                        248,
                        256,
                        264,
                        272,
                        280,
                        288,
                        296,
                        304,
                        336
                    ],
                    "Name": "Hand",
                    "NrOfIntervals": 37
                }
            ],
            "FileName": "sub-20_ses-01_VAR2_run-4.prt",
            "Name": "newbi4fmri_VAR2_Baselines-and-Slow-Event-Related",
            "NrOfConditions": 2,
            "TimeCourseColors": {
                "RefTCPenThick": 3,
                "RefTimeCourseB": 80,
                "RefTimeCourseG": 0,
                "RefTimeCourseR": 0,
                "TCBackColorB": 0,
                "TCBackColorG": 0,
                "TCBackColorR": 0,
                "TCPenThick": 3,
                "TCTextColorB": 255,
                "TCTextColorG": 255,
                "TCTextColorR": 255,
                "TimeCourseB": 255,
                "TimeCourseG": 255,
                "TimeCourseR": 255
            },
            "TimeResolution": "Volumes"
        },
        "SliceAcquisitionOrder": 5,
        "SliceAcquisitionOrderVerified": true,
        "SliceGap": 0,
        "SliceThickness": 2.5,
        "SliceTimingTable": [
            0,
            0.5275,
            0.075,
            0.6025,
            0.15,
            0.6775,
            0.225,
            0.7525,
            0.3,
            0.8275,
            0.375,
            0.9025,
            0.45,
            0,
            0.5275,
            0.075,
            0.6025,
            0.15,
            0.6775,
            0.225,
            0.7525,
            0.3,
            0.8275,
            0.375,
            0.9025,
            0.45,
            0,
            0.5275,
            0.075,
            0.6025,
            0.15,
            0.6775,
            0.225,
            0.7525,
            0.3,
            0.8275,
            0.375,
            0.9025,
            0.45,
            0,
            0.5275,
            0.075,
            0.6025,
            0.15,
            0.6775,
            0.225,
            0.7525,
            0.3,
            0.8275,
            0.375,
            0.9025,
            0.45
        ],
        "SliceTimingTableSize": 52,
        "TE": 0.028,
        "TR": 1,
        "TimeResolutionVerified": true,
        "Version": 1,
        "VoxelResolutionVerified": true
    },
    "ConversionSoftware": "BrainVoyager",
    "ConversionSoftwareVersion": "21.4.5.4030",
    "ImageNumber": 1,
    "ImageOrientationPatientDICOM": [
        0.99919719288496,
        -0.0158591115268,
        -0.0367893777116,
        8.108835e-09,
        0.91830945658144,
        -0.3958632869478
    ],
    "ImagePositionPatientDICOM": [
        -842.04062705287,
        -795.28436787937,
        278.20212594817
    ],
    "ImageType": "ORIGINAL PRIMARY M MB ND NORM MOSAIC",
    "MagneticFieldStrength": 3,
    "Manufacturer": "SIEMENS",
    "ManufacturersModelName": "Prisma_fit",
    "Modality": "MR",
    "NrOfTemporalPositions": 0,
    "PatientPosition": "HFS",
    "RepetitionTime": 1,
    "SeriesDescription": "ep_mb4_336",
    "SeriesNumber": 6,
    "SiemensMosaicSliceAcqOrder": 3,
    "SiemensMosaicTE": 0.028,
    "SiemensMosaicTR": 1,
    "SliceThickness": 2.5,
    "SliceTiming": [
        0,
        0.5275,
        0.075,
        0.6025,
        0.15,
        0.6775,
        0.225,
        0.7525,
        0.3,
        0.8275,
        0.375,
        0.9025,
        0.45,
        0,
        0.5275,
        0.075,
        0.6025,
        0.15,
        0.6775,
        0.225,
        0.7525,
        0.3,
        0.8275,
        0.375,
        0.9025,
        0.45,
        0,
        0.5275,
        0.075,
        0.6025,
        0.15,
        0.6775,
        0.225,
        0.7525,
        0.3,
        0.8275,
        0.375,
        0.9025,
        0.45,
        0,
        0.5275,
        0.075,
        0.6025,
        0.15,
        0.6775,
        0.225,
        0.7525,
        0.3,
        0.8275,
        0.375,
        0.9025,
        0.45
    ],
    "StudyDescription": "newbi4fmri_VAR2_Baselines-and-Slow-Event-Related",
    "TaskName": "newbi4fmri_VAR2_Baselines-and-Slow-Event-Related"
}
